PATH
  remote: .
  specs:
    tracery-rb (0.1.0)
      activesupport (> 5.0)
      verbs (~> 3.1.0)
      zeitwerk (~> 2.6.0)

GEM
  remote: https://rubygems.org/
  specs:
    activesupport (7.0.3)
      concurrent-ruby (~> 1.0, >= 1.0.2)
      i18n (>= 1.6, < 2)
      minitest (>= 5.1)
      tzinfo (~> 2.0)
    awesome_print (1.9.2)
    concurrent-ruby (1.1.10)
    diff-lcs (1.5.0)
    i18n (1.10.0)
      concurrent-ruby (~> 1.0)
    minitest (5.16.1)
    rake (13.0.6)
    rspec (3.11.0)
      rspec-core (~> 3.11.0)
      rspec-expectations (~> 3.11.0)
      rspec-mocks (~> 3.11.0)
    rspec-core (3.11.0)
      rspec-support (~> 3.11.0)
    rspec-expectations (3.11.0)
      diff-lcs (>= 1.2.0, < 2.0)
      rspec-support (~> 3.11.0)
    rspec-mocks (3.11.1)
      diff-lcs (>= 1.2.0, < 2.0)
      rspec-support (~> 3.11.0)
    rspec-support (3.11.0)
    tzinfo (2.0.4)
      concurrent-ruby (~> 1.0)
    verbs (3.1.0)
      activesupport (>= 2.3.4)
      i18n
    zeitwerk (2.6.0)

PLATFORMS
  x86_64-darwin-19

DEPENDENCIES
  awesome_print (~> 1.9.2)
  rake (~> 13.0)
  rspec (~> 3.0)
  tracery-rb!

BUNDLED WITH
   2.3.9
